GEM
  remote: https://rubygems.org/
  specs:
    sqlite3 (2.4.1-aarch64-linux-gnu)
    sqlite3 (2.4.1-aarch64-linux-musl)
    sqlite3 (2.4.1-arm-linux-gnu)
    sqlite3 (2.4.1-arm-linux-musl)
    sqlite3 (2.4.1-arm64-darwin)
    sqlite3 (2.4.1-x86-linux-gnu)
    sqlite3 (2.4.1-x86-linux-musl)
    sqlite3 (2.4.1-x86_64-darwin)
    sqlite3 (2.4.1-x86_64-linux-gnu)
    sqlite3 (2.4.1-x86_64-linux-musl)

PLATFORMS
  aarch64-linux-gnu
  aarch64-linux-musl
  arm-linux-gnu
  arm-linux-musl
  arm64-darwin
  x86-linux-gnu
  x86-linux-musl
  x86_64-darwin
  x86_64-linux-gnu
  x86_64-linux-musl

DEPENDENCIES
  sqlite3

BUNDLED WITH
   2.5.23
